PATH
  remote: .
  specs:
    fir-cli (0.2.1.1)
      highline (~> 1.6)
      lagunitas (= 0.0.1)
      paint (~> 0.9)
      pngdefry (= 0.1.1)
      rest-client (~> 1.7)
      ruby_apk (~> 0.7)
      rubyzip (~> 0.9.9)
      thor (~> 0.19)
      user_config (= 0.0.4)

GEM
  remote: https://ruby.taobao.org/
  specs:
    CFPropertyList (2.3.0)
    highline (1.6.21)
    lagunitas (0.0.1)
      CFPropertyList
      pngdefry (>= 0.1.0)
      zip
    mime-types (2.4.3)
    netrc (0.10.2)
    paint (0.9.0)
    pngdefry (0.1.1)
    rake (10.4.2)
    rest-client (1.7.2)
      mime-types (>= 1.16, < 3.0)
      netrc (~> 0.7)
    ruby_apk (0.7.1)
      rubyzip (< 1.0.0)
    rubyzip (0.9.9)
    thor (0.19.1)
    user_config (0.0.4)
    zip (2.0.2)

PLATFORMS
  ruby

DEPENDENCIES
  bundler (~> 1.7)
  fir-cli!
  rake (~> 10.0)
